GEM
  remote: https://rubygems.org/
  specs:
    os (0.9.6)
    rake (10.4.2)

PLATFORMS
  ruby

DEPENDENCIES
  os
  rake

BUNDLED WITH
   1.10.3
